GEM
  remote: https://rubygems.org/
  specs:
    active_model_serializers (0.9.3)
      activemodel (>= 3.2)
    activemodel (7.0.4.2)
      activesupport (= 7.0.4.2)
    activerecord (7.0.4.2)
      activemodel (= 7.0.4.2)
      activesupport (= 7.0.4.2)
    activesupport (7.0.4.2)
      concurrent-ruby (~> 1.0, >= 1.0.2)
      i18n (>= 1.6, < 2)
      minitest (>= 5.1)
      tzinfo (~> 2.0)
    awesome_print (1.9.2)
    bson (1.12.5)
    bson_ext (1.12.5)
      bson (~> 1.12.5)
    builder (3.2.4)
    chronic (0.10.2)
    coderay (1.1.3)
    concurrent-ruby (1.2.2)
    config (4.1.0)
      deep_merge (~> 1.2, >= 1.2.1)
      dry-validation (~> 1.0, >= 1.0.0)
    connection_pool (2.3.0)
    cucumber (8.0.0)
      builder (~> 3.2, >= 3.2.4)
      cucumber-ci-environment (~> 9.0, >= 9.0.4)
      cucumber-core (~> 11.0, >= 11.0.0)
      cucumber-cucumber-expressions (~> 15.1, >= 15.1.1)
      cucumber-gherkin (~> 23.0, >= 23.0.1)
      cucumber-html-formatter (~> 19.1, >= 19.1.0)
      cucumber-messages (~> 18.0, >= 18.0.0)
      diff-lcs (~> 1.5, >= 1.5.0)
      mime-types (~> 3.4, >= 3.4.1)
      multi_test (~> 1.1, >= 1.1.0)
      sys-uname (~> 1.2, >= 1.2.2)
    cucumber-ci-environment (9.1.0)
    cucumber-core (11.0.0)
      cucumber-gherkin (~> 23.0, >= 23.0.1)
      cucumber-messages (~> 18.0, >= 18.0.0)
      cucumber-tag-expressions (~> 4.1, >= 4.1.0)
    cucumber-cucumber-expressions (15.2.0)
    cucumber-gherkin (23.0.1)
      cucumber-messages (~> 18.0, >= 18.0.0)
    cucumber-html-formatter (19.2.0)
      cucumber-messages (~> 18.0, >= 18.0.0)
    cucumber-messages (18.0.0)
    cucumber-tag-expressions (4.1.0)
    deep_merge (1.2.2)
    diff-lcs (1.5.0)
    dry-configurable (1.0.1)
      dry-core (~> 1.0, < 2)
      zeitwerk (~> 2.6)
    dry-core (1.0.0)
      concurrent-ruby (~> 1.0)
      zeitwerk (~> 2.6)
    dry-inflector (1.0.0)
    dry-initializer (3.1.1)
    dry-logic (1.5.0)
      concurrent-ruby (~> 1.0)
      dry-core (~> 1.0, < 2)
      zeitwerk (~> 2.6)
    dry-schema (1.13.0)
      concurrent-ruby (~> 1.0)
      dry-configurable (~> 1.0, >= 1.0.1)
      dry-core (~> 1.0, < 2)
      dry-initializer (~> 3.0)
      dry-logic (>= 1.5, < 2)
      dry-types (>= 1.7, < 2)
      zeitwerk (~> 2.6)
    dry-types (1.7.1)
      concurrent-ruby (~> 1.0)
      dry-core (~> 1.0)
      dry-inflector (~> 1.0)
      dry-logic (~> 1.4)
      zeitwerk (~> 2.6)
    dry-validation (1.10.0)
      concurrent-ruby (~> 1.0)
      dry-core (~> 1.0, < 2)
      dry-initializer (~> 3.0)
      dry-schema (>= 1.12, < 2)
      zeitwerk (~> 2.6)
    ffi (1.15.5)
    i18n (1.12.0)
      concurrent-ruby (~> 1.0)
    json (2.6.3)
    logger (1.5.3)
    method_source (1.0.0)
    mime-types (3.4.1)
      mime-types-data (~> 3.2015)
    mime-types-data (3.2023.0218.1)
    minitest (5.18.0)
    mono_logger (1.1.1)
    multi_json (1.15.0)
    multi_test (1.1.0)
    mustermann (3.0.0)
      ruby2_keywords (~> 0.0.1)
    nio4r (2.5.8)
    pg (1.4.6)
    pry (0.14.2)
      coderay (~> 1.1)
      method_source (~> 1.0)
    puma (6.1.1)
      nio4r (~> 2.0)
    puma-daemon (0.1.2)
      puma (>= 5.0)
      rack
    rack (2.2.6.3)
    rack-protection (3.0.5)
      rack
    rake (13.0.6)
    redis (5.0.6)
      redis-client (>= 0.9.0)
    redis-client (0.13.0)
      connection_pool
    redis-namespace (1.10.0)
      redis (>= 4)
    resque (2.5.0)
      mono_logger (~> 1.0)
      multi_json (~> 1.0)
      redis-namespace (~> 1.6)
      sinatra (>= 0.9.2)
    ruby2_keywords (0.0.5)
    sinatra (3.0.5)
      mustermann (~> 3.0)
      rack (~> 2.2, >= 2.2.4)
      rack-protection (= 3.0.5)
      tilt (~> 2.0)
    sinatra-active-model-serializers (0.1.0)
      active_model_serializers (= 0.9.3)
    sinatra-activerecord (2.0.26)
      activerecord (>= 4.1)
      sinatra (>= 1.0)
    sinatra-contrib (3.0.5)
      multi_json
      mustermann (~> 3.0)
      rack-protection (= 3.0.5)
      sinatra (= 3.0.5)
      tilt (~> 2.0)
    sinatra-cross_origin (0.3.2)
    sys-uname (1.2.2)
      ffi (~> 1.1)
    tilt (2.1.0)
    tzinfo (2.0.6)
      concurrent-ruby (~> 1.0)
    whenever (1.0.0)
      chronic (>= 0.6.3)
    zeitwerk (2.6.7)

PLATFORMS
  x86_64-linux

DEPENDENCIES
  awesome_print
  bson_ext
  builder
  config
  cucumber
  json
  logger
  mime-types
  pg
  pry
  puma
  puma-daemon
  rack
  rake
  resque
  sinatra
  sinatra-active-model-serializers
  sinatra-activerecord
  sinatra-contrib
  sinatra-cross_origin
  whenever

BUNDLED WITH
   2.4.7
